STORAGE: NONE
RESTRICTION: == netstandard2.0
NUGET
  remote: https://api.nuget.org/v3/index.json
    Fable.Core (2.0.0-beta-001)
      FSharp.Core (>= 4.3.4)
    FSharp.Core (4.5.2)

GROUP tools
STORAGE: NONE
RESTRICTION: == netstandard2.0
NUGET
  remote: https://api.nuget.org/v3/index.json
    dotnet-fable (2.0.0-beta-001) - clitool: true
    FSharp.Core (4.5.2)
